PATH
  remote: .
  specs:
    digest-blake3 (1.3.3.1)

GEM
  remote: https://rubygems.org/
  specs:
    minitest (5.16.3)
    rake (13.0.6)

PLATFORMS
  ruby

DEPENDENCIES
  bundler
  digest-blake3!
  minitest (~> 5.0)
  rake

BUNDLED WITH
   2.3.1
